GEM
  remote: https://rubygems.org/
  specs:
    rack (2.0.1)
    rulers (0.1.0)
      rack

PLATFORMS
  ruby

DEPENDENCIES
  rulers (= 0.1.0)

BUNDLED WITH
   1.13.7
